GEM
  remote: http://rubygems.org/
  specs:
    actionmailer (2.3.7)
      actionpack (= 2.3.7)
    actionpack (2.3.7)
      activesupport (= 2.3.7)
      rack (~> 1.1.0)
    activerecord (2.3.7)
      activesupport (= 2.3.7)
    activeresource (2.3.7)
      activesupport (= 2.3.7)
    activesupport (2.3.7)
    cgi_multipart_eof_fix (2.5.0)
    daemons (1.1.9)
    fastthread (1.0.7)
    gem_plugin (0.2.3)
    mongrel (1.1.5)
      cgi_multipart_eof_fix (>= 2.4)
      daemons (>= 1.0.3)
      fastthread (>= 1.0.1)
      gem_plugin (>= 0.2.3)
    rack (1.1.3)
    rails (2.3.7)
      actionmailer (= 2.3.7)
      actionpack (= 2.3.7)
      activerecord (= 2.3.7)
      activeresource (= 2.3.7)
      activesupport (= 2.3.7)
      rake (>= 0.8.3)
    rake (0.8.7)
    sqlite3 (1.3.3)

PLATFORMS
  ruby

DEPENDENCIES
  mongrel (= 1.1.5)
  rails (= 2.3.7)
  rake (= 0.8.7)
  sqlite3 (= 1.3.3)
