GEM
  remote: http://rubygems.org/
  specs:
    actionmailer (2.3.7)
      actionpack (= 2.3.7)
    actionpack (2.3.7)
      activesupport (= 2.3.7)
      rack (~> 1.1.0)
    activerecord (2.3.7)
      activesupport (= 2.3.7)
    activeresource (2.3.7)
      activesupport (= 2.3.7)
    activesupport (2.3.7)
    daemons (1.1.9)
    eventmachine (1.0.0)
    rack (1.1.3)
    rails (2.3.7)
      actionmailer (= 2.3.7)
      actionpack (= 2.3.7)
      activerecord (= 2.3.7)
      activeresource (= 2.3.7)
      activesupport (= 2.3.7)
      rake (>= 0.8.3)
    rake (0.9.2.2)
    sqlite3 (1.3.3)
    thin (1.2.7)
      daemons (>= 1.0.9)
      eventmachine (>= 0.12.6)
      rack (>= 1.0.0)

PLATFORMS
  ruby

DEPENDENCIES
  rails (= 2.3.7)
  sqlite3 (= 1.3.3)
  thin (= 1.2.7)
